GEM
  remote: http://rubygems.org/
  specs:
    activemodel (4.0.0.beta1)
      activesupport (= 4.0.0.beta1)
      builder (~> 3.1.0)
    activesupport (4.0.0.beta1)
      i18n (~> 0.6.2)
      minitest (~> 4.2)
      multi_json (~> 1.3)
      thread_safe (~> 0.1)
      tzinfo (~> 0.3.33)
    addressable (2.3.5)
    atomic (1.1.7)
    builder (3.1.4)
    crack (0.4.1)
      safe_yaml (~> 0.9.0)
    diff-lcs (1.2.4)
    domain_name (0.5.20170404)
      unf (>= 0.0.5, < 1.0.0)
    git (1.2.5)
    http-cookie (1.0.3)
      domain_name (~> 0.5)
    i18n (0.6.4)
    jeweler (1.8.4)
      bundler (~> 1.0)
      git (>= 1.2.5)
      rake
      rdoc
    json (1.7.7)
    mime-types (3.1)
      mime-types-data (~> 3.2015)
    mime-types-data (3.2016.0521)
    minitest (4.7.1)
    multi_json (1.7.2)
    netrc (0.11.0)
    rake (10.0.4)
    rdoc (3.12.2)
      json (~> 1.4)
    rest-client (2.0.2)
      http-cookie (>= 1.0.2, < 2.0)
      mime-types (>= 1.16, < 4.0)
      netrc (~> 0.8)
    rspec (2.13.0)
      rspec-core (~> 2.13.0)
      rspec-expectations (~> 2.13.0)
      rspec-mocks (~> 2.13.0)
    rspec-core (2.13.1)
    rspec-expectations (2.13.0)
      diff-lcs (>= 1.1.3, < 2.0)
    rspec-mocks (2.13.1)
    ruby-hmac (0.4.0)
    safe_yaml (0.9.7)
    thread_safe (0.1.0)
      atomic
    tzinfo (0.3.37)
    unf (0.1.4)
      unf_ext
    unf_ext (0.0.7.4)
    vcr (2.6.0)
    webmock (1.13.0)
      addressable (>= 2.2.7)
      crack (>= 0.3.2)

PLATFORMS
  ruby

DEPENDENCIES
  activemodel (>= 3.1)
  activesupport (>= 3.1)
  bundler (~> 1.13.1)
  jeweler (~> 1.8.4)
  rdoc (~> 3.12)
  rest-client (= 2.0.2)
  rspec
  ruby-hmac (= 0.4.0)
  vcr (= 2.6.0)
  webmock (= 1.13.0)

RUBY VERSION
   ruby 2.1.5p273

BUNDLED WITH
   1.13.1
